GEM
  remote: https://rubygems.org/
  specs:
    archive-tar-minitar (0.5.2)
    builder (3.0.0)
    cucumber (1.2.1)
      builder (>= 2.1.2)
      diff-lcs (>= 1.1.3)
      gherkin (~> 2.11.0)
      json (>= 1.4.6)
    diff-lcs (1.1.3)
    ffi (1.0.11)
    gherkin (2.11.1)
      json (>= 1.4.6)
    guard (1.2.3)
      listen (>= 0.4.2)
      thor (>= 0.14.6)
    guard-bundler (0.1.3)
      bundler (>= 1.0.0)
      guard (>= 0.2.2)
    guard-cucumber (1.2.0)
      cucumber (>= 1.2.0)
      guard (>= 1.1.0)
    guard-rspec (1.1.0)
      guard (>= 1.1)
    json (1.7.3)
    listen (0.4.7)
      rb-fchange (~> 0.0.5)
      rb-fsevent (~> 0.9.1)
      rb-inotify (~> 0.8.8)
    mime-types (1.19)
    rb-fchange (0.0.5)
      ffi
    rb-fsevent (0.9.1)
    rb-inotify (0.8.8)
      ffi (>= 0.5.0)
    relish (0.6)
      archive-tar-minitar (>= 0.5.2)
      json (>= 1.4.6)
      rest-client (>= 1.6.1)
    rest-client (1.6.7)
      mime-types (>= 1.16)
    rspec (2.10.0)
      rspec-core (~> 2.10.0)
      rspec-expectations (~> 2.10.0)
      rspec-mocks (~> 2.10.0)
    rspec-core (2.10.1)
    rspec-expectations (2.10.0)
      diff-lcs (~> 1.1.3)
    rspec-mocks (2.10.1)
    thor (0.14.6)

PLATFORMS
  ruby

DEPENDENCIES
  cucumber
  guard (>= 0.6.2)
  guard-bundler (>= 0.1.3)
  guard-cucumber (>= 0.6.1)
  guard-rspec (>= 0.4.3)
  relish
  rspec
